GEM
  remote: https://rubygems.org/
  specs:
    activemodel (4.0.3)
      activesupport (= 4.0.3)
      builder (~> 3.1.0)
    activesupport (4.0.3)
      i18n (~> 0.6, >= 0.6.4)
      minitest (~> 4.2)
      multi_json (~> 1.3)
      thread_safe (~> 0.1)
      tzinfo (~> 0.3.37)
    atomic (1.1.14)
    bitstamp (0.3.0)
      activemodel (>= 3.1)
      activesupport (>= 3.1)
      curb (> 0.8.1)
      ruby-hmac (= 0.4.0)
    builder (3.1.4)
    chronic (0.10.2)
    curb (0.8.5)
    dotenv (0.10.0)
    i18n (0.6.9)
    mina (0.3.0)
      open4
      rake
    minitest (4.7.5)
    moped (1.5.2)
    multi_json (1.8.4)
    open4 (1.3.3)
    rack (1.5.2)
    rack-protection (1.5.2)
      rack
    rake (10.1.1)
    ruby-hmac (0.4.0)
    sinatra (1.4.4)
      rack (~> 1.4)
      rack-protection (~> 1.4)
      tilt (~> 1.3, >= 1.3.4)
    thread_safe (0.1.3)
      atomic
    tilt (1.4.1)
    tzinfo (0.3.38)
    whenever (0.9.0)
      activesupport (>= 2.3.4)
      chronic (>= 0.6.3)

PLATFORMS
  ruby

DEPENDENCIES
  bitstamp
  dotenv
  mina
  moped
  sinatra
  whenever
